GEM
  remote: https://rubygems.org/
  specs:
    coderay (1.1.0)
    figaro (1.0.0)
      thor (~> 0.14)
    json (1.8.1)
    method_source (0.8.2)
    mini_portile (0.6.2)
    nokogiri (1.6.5)
      mini_portile (~> 0.6.0)
    pry (0.10.1)
      coderay (~> 1.1.0)
      method_source (~> 0.8.1)
      slop (~> 3.4)
    slop (3.6.0)
    thor (0.19.1)

PLATFORMS
  ruby

DEPENDENCIES
  figaro
  json
  nokogiri
  pry
